GEM
  remote: http://rubygems.org/
  specs:
    net-http-persistent (2.9)

PLATFORMS
  ruby

DEPENDENCIES
  net-http-persistent
